GEM
  remote: https://rubygems.org/
  specs:
    commander (4.4.2)
      highline (~> 1.7.2)
    highline (1.7.8)
    minitest (5.10.1)
    rainbow (2.1.0)
    rake (12.0.0)
    sass (3.4.23)
    sassunit (1.0.2)
      commander
      minitest
      sass
    scss_lint (0.38.0)
      rainbow (~> 2.0)
      sass (~> 3.4.1)

PLATFORMS
  ruby

DEPENDENCIES
  rake
  sassunit
  scss_lint (= 0.38.0)

BUNDLED WITH
   1.13.6
